GIT
  remote: git@github.com:rails/exception_notification.git
  revision: 192a49a02d63d28b23ed41cebadfedd490929cf1
  specs:
    exception_notification (1.0.0)

GIT
  remote: https://github.com/natescherer/apn_on_rails.git
  revision: 18f5d37397e3f003152c51b257d9da939b70438f
  branch: rails3
  specs:
    apn_on_rails (0.3.1rails3)
      configatron

GIT
  remote: https://github.com/patshaughnessy/paperclip.git
  revision: 89d53623028a7f1f74cdc2726110486ada0061f9
  specs:
    paperclip (2.4.5)
      activerecord (>= 2.3.0)
      activesupport (>= 2.3.2)
      cocaine (>= 0.0.2)
      mime-types

GEM
  remote: http://rubygems.org/
  specs:
    actionmailer (3.1.3)
      actionpack (= 3.1.3)
      mail (~> 2.3.0)
    actionpack (3.1.3)
      activemodel (= 3.1.3)
      activesupport (= 3.1.3)
      builder (~> 3.0.0)
      erubis (~> 2.7.0)
      i18n (~> 0.6)
      rack (~> 1.3.5)
      rack-cache (~> 1.1)
      rack-mount (~> 0.8.2)
      rack-test (~> 0.6.1)
      sprockets (~> 2.0.3)
    active_scaffold (3.2.20)
      rails (>= 3.1.3)
    activemodel (3.1.3)
      activesupport (= 3.1.3)
      builder (~> 3.0.0)
      i18n (~> 0.6)
    activerecord (3.1.3)
      activemodel (= 3.1.3)
      activesupport (= 3.1.3)
      arel (~> 2.2.1)
      tzinfo (~> 0.3.29)
    activeresource (3.1.3)
      activemodel (= 3.1.3)
      activesupport (= 3.1.3)
    activesupport (3.1.3)
      multi_json (~> 1.0)
    addressable (2.3.5)
    arel (2.2.3)
    bcrypt-ruby (3.1.1)
    bourbon (2.1.1)
      sass (>= 3.1)
    bower-rails (0.4.0)
    builder (3.0.4)
    capistrano (2.15.5)
      highline
      net-scp (>= 1.0.0)
      net-sftp (>= 2.0.0)
      net-ssh (>= 2.0.14)
      net-ssh-gateway (>= 1.1.0)
    capistrano-unicorn (0.1.10)
      capistrano
    chronic (0.9.1)
    chunky_png (1.2.8)
    climate_control (0.0.3)
      activesupport (>= 3.0)
    cocaine (0.5.1)
      climate_control (>= 0.0.3, < 1.0)
    coffee-rails (3.1.1)
      coffee-script (>= 2.2.0)
      railties (~> 3.1.0)
    coffee-script (2.2.0)
      coffee-script-source
      execjs
    coffee-script-source (1.6.3)
    commonjs (0.2.6)
    configatron (2.13.0)
      yamler (>= 0.1.0)
    delayed_job (4.0.0)
      activesupport (>= 3.0, < 4.1)
    devise (1.5.3)
      bcrypt-ruby (~> 3.0)
      orm_adapter (~> 0.0.3)
      warden (~> 1.1)
    erubis (2.7.0)
    execjs (1.4.0)
      multi_json (~> 1.0)
    factory_girl (4.2.0)
      activesupport (>= 3.0.0)
    factory_girl_rails (4.2.1)
      factory_girl (~> 4.2.0)
      railties (>= 3.0.0)
    haml (3.1.4)
    highline (1.6.19)
    hike (1.2.3)
    i18n (0.6.4)
    iban-tools (0.0.9)
    json (1.8.0)
    kgio (2.8.0)
    less (2.3.2)
      commonjs (~> 0.2.6)
    less-rails (2.3.3)
      actionpack (>= 3.1)
      less (~> 2.3.1)
    libv8 (3.11.8.17)
    mail (2.3.3)
      i18n (>= 0.4.0)
      mime-types (~> 1.16)
      treetop (~> 1.4.8)
    metaclass (0.0.1)
    mime-types (1.23)
    mocha (0.14.0)
      metaclass (~> 0.0.1)
    multi_json (1.7.7)
    mysql2 (0.3.13)
    net-scp (1.1.2)
      net-ssh (>= 2.6.5)
    net-sftp (2.1.2)
      net-ssh (>= 2.6.5)
    net-ssh (2.6.8)
    net-ssh-gateway (1.2.0)
      net-ssh (>= 2.6.5)
    orm_adapter (0.0.7)
    polyglot (0.3.3)
    qrencoder (1.4.1)
      chunky_png (~> 1.1)
    rack (1.3.10)
    rack-cache (1.2)
      rack (>= 0.4)
    rack-mount (0.8.3)
      rack (>= 1.0.0)
    rack-ssl (1.3.3)
      rack
    rack-test (0.6.2)
      rack (>= 1.0)
    rails (3.1.3)
      actionmailer (= 3.1.3)
      actionpack (= 3.1.3)
      activerecord (= 3.1.3)
      activeresource (= 3.1.3)
      activesupport (= 3.1.3)
      bundler (~> 1.0)
      railties (= 3.1.3)
    railties (3.1.3)
      actionpack (= 3.1.3)
      activesupport (= 3.1.3)
      rack-ssl (~> 1.3.2)
      rake (>= 0.8.7)
      rdoc (~> 3.4)
      thor (~> 0.14.6)
    raindrops (0.11.0)
    rake (10.1.0)
    rdoc (3.12.2)
      json (~> 1.4)
    recaptcha (0.3.5)
    ref (1.0.5)
    rotp (1.3.3)
    sass (3.1.12)
    sass-rails (3.1.5)
      actionpack (~> 3.1.0)
      railties (~> 3.1.0)
      sass (~> 3.1.10)
      tilt (~> 1.3.2)
    sprockets (2.0.4)
      hike (~> 1.2)
      rack (~> 1.0)
      tilt (~> 1.1, != 1.3.0)
    therubyracer (0.11.4)
      libv8 (~> 3.11.8.12)
      ref
    thor (0.14.6)
    tilt (1.3.7)
    transitions (0.1.9)
    treetop (1.4.14)
      polyglot
      polyglot (>= 0.3.1)
    tzinfo (0.3.37)
    uglifier (2.1.2)
      execjs (>= 0.3.0)
      multi_json (~> 1.0, >= 1.0.2)
    unicorn (4.6.3)
      kgio (~> 2.6)
      rack
      raindrops (~> 0.7)
    warden (1.2.3)
      rack (>= 1.0)
    whenever (0.8.4)
      activesupport (>= 2.3.4)
      chronic (>= 0.6.3)
    will_paginate (3.0.3)
    will_paginate-bootstrap (0.2.3)
      will_paginate (>= 3.0.3)
    yamler (0.1.0)

PLATFORMS
  ruby

DEPENDENCIES
  active_scaffold
  addressable
  apn_on_rails!
  bourbon
  bower-rails
  capistrano
  capistrano-unicorn
  coffee-rails
  delayed_job
  devise (= 1.5.3)
  exception_notification!
  execjs
  factory_girl_rails
  haml (= 3.1.4)
  iban-tools
  less-rails
  mocha
  mysql2
  paperclip!
  qrencoder
  rails (= 3.1.3)
  rake
  recaptcha
  rotp (~> 1.3.0)
  sass (= 3.1.12)
  sass-rails (= 3.1.5)
  sprockets
  therubyracer
  transitions
  uglifier
  unicorn
  whenever
  will_paginate (= 3.0.3)
  will_paginate-bootstrap
